GEM
  remote: https://rubygems.org/
  specs:
    eventmachine (1.2.7)
    faye-websocket (0.10.9)
      eventmachine (>= 0.12.0)
      websocket-driver (>= 0.5.1)
    nio4r (2.5.2)
    puma (4.3.3)
      nio4r (~> 2.0)
    rack (2.0.7)
    websocket-driver (0.7.1)
      websocket-extensions (>= 0.1.0)
    websocket-extensions (0.1.4)

PLATFORMS
  ruby

DEPENDENCIES
  faye-websocket (>= 0.10)
  puma (>= 2.0)
  rack (>= 1.5)

BUNDLED WITH
   2.0.2
